PATH
  remote: .
  specs:
    xeroizer (2.15.5)
      activesupport
      builder (>= 2.1.2)
      i18n
      nokogiri
      oauth (= 0.4.5)
      tzinfo

GEM
  remote: https://rubygems.org/
  specs:
    activesupport (4.1.4)
      i18n (~> 0.6, >= 0.6.9)
      json (~> 1.7, >= 1.7.7)
      minitest (~> 5.1)
      thread_safe (~> 0.1)
      tzinfo (~> 1.1)
    ansi (1.4.2)
    builder (3.2.2)
    i18n (0.6.11)
    json (1.8.1)
    metaclass (0.0.1)
    mime-types (1.18)
    mini_portile (0.6.0)
    minitest (5.4.0)
    mocha (0.10.5)
      metaclass (~> 0.0.1)
    nokogiri (1.6.2.1)
      mini_portile (= 0.6.0)
    oauth (0.4.5)
    rake (0.9.2.2)
    redcarpet (2.1.1)
    rest-client (1.6.7)
      mime-types (>= 1.16)
    shoulda (3.0.1)
      shoulda-context (~> 1.0.0)
      shoulda-matchers (~> 1.0.0)
    shoulda-context (1.0.0)
    shoulda-matchers (1.0.0)
    test-unit (2.4.8)
    thread_safe (0.3.4)
    turn (0.9.4)
      ansi
    tzinfo (1.2.1)
      thread_safe (~> 0.1)
    yard (0.7.5)

PLATFORMS
  ruby

DEPENDENCIES
  ansi
  bundler (~> 1.5)
  mocha
  rake
  redcarpet
  rest-client
  shoulda
  test-unit
  turn
  xeroizer!
  yard
